GIT
  remote: git://github.com/FucinadelTag/FdtGems
  revision: 4b85ab2d9cb98975732a5599d032d2d821847305
  specs:
    podio_middleman (0.0.1)
      middleman-core (>= 3.3.2)
    prismic_middleman (0.0.1)
      middleman-core (>= 3.3.2)

GIT
  remote: git://github.com/podio/podio-rb
  revision: b1ff7cf0eece00761bba301a5277226ef7801b1f
  specs:
    podio (1.0.0)
      activemodel (>= 3.0)
      activesupport (>= 3.0)
      faraday (>= 0.8.0, < 0.10.0)
      multi_json

GIT
  remote: git://github.com/rest-client/rest-client
  revision: 0ff056315cd0ff19e3eb21f74209999cf9d1581a
  specs:
    rest-client (2.0.0.alpha)
      mime-types (>= 1.16, < 3.0)
      netrc (~> 0.8)

GEM
  remote: http://rubygems.org/
  specs:
    activemodel (4.1.9)
      activesupport (= 4.1.9)
      builder (~> 3.1)
    activesupport (4.1.9)
      i18n (~> 0.6, >= 0.6.9)
      json (~> 1.7, >= 1.7.7)
      minitest (~> 5.1)
      thread_safe (~> 0.1)
      tzinfo (~> 1.1)
    addressable (2.3.7)
    builder (3.2.2)
    celluloid (0.16.0)
      timers (~> 4.0.0)
    chunky_png (1.3.4)
    coffee-script (2.3.0)
      coffee-script-source
      execjs
    coffee-script-source (1.9.1)
    compass (0.12.7)
      chunky_png (~> 1.2)
      fssm (>= 0.2.7)
      sass (~> 3.2.19)
    compass-import-once (1.0.5)
      sass (>= 3.2, < 3.5)
    ejs (1.1.1)
    em-websocket (0.5.1)
      eventmachine (>= 0.12.9)
      http_parser.rb (~> 0.6.0)
    erubis (2.7.0)
    eventmachine (1.0.7)
    execjs (2.3.0)
    faraday (0.9.1)
      multipart-post (>= 1.2, < 3)
    fdt_middleman_tools (1.0.5)
      middleman-core (~> 3.0, >= 3.0.0)
    ffi (1.9.6)
    fssm (0.2.10)
    haml (4.0.6)
      tilt
    hike (1.2.3)
    hitimes (1.2.2)
    hooks (0.4.0)
      uber (~> 0.0.4)
    htmlcompressor (0.1.2)
    http_parser.rb (0.6.0)
    i18n (0.6.11)
    json (1.8.2)
    kramdown (1.6.0)
    libv8 (3.16.14.11)
    listen (2.8.5)
      celluloid (>= 0.15.2)
      rb-fsevent (>= 0.9.3)
      rb-inotify (>= 0.9)
    middleman (3.3.5)
      coffee-script (~> 2.2)
      compass (>= 0.12.4)
      compass-import-once (= 1.0.5)
      execjs (~> 2.0)
      haml (>= 4.0.5)
      kramdown (~> 1.2)
      middleman-core (= 3.3.5)
      middleman-sprockets (>= 3.1.2)
      sass (>= 3.2.17, < 4.0)
      uglifier (~> 2.5)
    middleman-blog (3.5.3)
      addressable (~> 2.3.5)
      middleman-core (~> 3.2)
      tzinfo (>= 0.3.0)
    middleman-core (3.3.5)
      activesupport (~> 4.1.0)
      bundler (~> 1.1)
      erubis
      hooks (~> 0.3)
      i18n (~> 0.6.9)
      listen (>= 2.7.9, < 3.0)
      padrino-helpers (~> 0.12.3)
      rack (>= 1.4.5, < 2.0)
      rack-test (~> 0.6.2)
      thor (>= 0.15.2, < 2.0)
      tilt (~> 1.4.1, < 2.0)
    middleman-livereload (3.1.1)
      em-websocket (>= 0.2.0)
      middleman-core (>= 3.0.2)
      multi_json (~> 1.0)
      rack-livereload
    middleman-minify-html (3.4.0)
      htmlcompressor (~> 0.1.0)
      middleman-core (>= 3.2)
    middleman-sprockets (3.4.2)
      middleman-core (>= 3.3)
      sprockets (~> 2.12.1)
      sprockets-helpers (~> 1.1.0)
      sprockets-sass (~> 1.3.0)
    mime-types (2.4.3)
    minitest (5.5.1)
    multi_json (1.10.1)
    multipart-post (2.0.0)
    netrc (0.10.3)
    padrino-helpers (0.12.4)
      i18n (~> 0.6, >= 0.6.7)
      padrino-support (= 0.12.4)
      tilt (~> 1.4.1)
    padrino-support (0.12.4)
      activesupport (>= 3.1)
    prismic.io (1.1.0)
    rack (1.6.0)
    rack-livereload (0.3.15)
      rack
    rack-test (0.6.3)
      rack (>= 1.0)
    rb-fsevent (0.9.4)
    rb-inotify (0.9.5)
      ffi (>= 0.5.0)
    ref (2.0.0)
    sass (3.2.19)
    sprockets (2.12.3)
      hike (~> 1.2)
      multi_json (~> 1.0)
      rack (~> 1.0)
      tilt (~> 1.1, != 1.3.0)
    sprockets-helpers (1.1.0)
      sprockets (~> 2.0)
    sprockets-sass (1.3.1)
      sprockets (~> 2.0)
      tilt (~> 1.1)
    therubyracer (0.12.2)
      libv8 (~> 3.16.14.0)
      ref
    thor (0.19.1)
    thread_safe (0.3.4)
    tilt (1.4.1)
    timers (4.0.1)
      hitimes
    tzinfo (1.2.2)
      thread_safe (~> 0.1)
    uber (0.0.13)
    uglifier (2.7.1)
      execjs (>= 0.3.0)
      json (>= 1.8.0)

PLATFORMS
  ruby

DEPENDENCIES
  compass (~> 0.12)
  ejs
  fdt_middleman_tools (>= 1.0.0)
  middleman (~> 3.3.2)
  middleman-blog (~> 3.5.1)
  middleman-livereload (~> 3.1.0)
  middleman-minify-html
  podio!
  podio_middleman!
  prismic.io
  prismic_middleman!
  rest-client!
  therubyracer
  wdm (~> 0.1.0)

BUNDLED WITH
   1.10.5
